GEM
  remote: https://rubygems.org/
  specs:
    coffee-script (2.2.0)
      coffee-script-source
      execjs
    coffee-script-source (1.7.0)
    execjs (2.1.0)
    libv8 (3.16.14.3)
    rack (1.5.2)
    rack-protection (1.5.2)
      rack
    ref (1.0.5)
    sass (3.3.4)
    sinatra (1.4.4)
      rack (~> 1.4)
      rack-protection (~> 1.4)
      tilt (~> 1.3, >= 1.3.4)
    slim (2.0.2)
      temple (~> 0.6.6)
      tilt (>= 1.3.3, < 2.1)
    temple (0.6.7)
    therubyracer (0.12.1)
      libv8 (~> 3.16.14.0)
      ref
    tilt (1.4.1)

PLATFORMS
  ruby

DEPENDENCIES
  coffee-script
  sass
  sinatra
  slim
  therubyracer
